GEM
  remote: https://rubygems.org/
  specs:
    haml (4.0.4)
      tilt
    json (1.8.0)
    mysql (2.9.1)
    rack (1.5.2)
    rack-protection (1.5.1)
      rack
    sinatra (1.4.4)
      rack (~> 1.4)
      rack-protection (~> 1.4)
      tilt (~> 1.3, >= 1.3.4)
    tilt (1.4.1)

PLATFORMS
  ruby

DEPENDENCIES
  haml (~> 4.0.4)
  json (= 1.8.0)
  mysql
  sinatra (~> 1.4.4)
